GIT
  remote: git://github.com/MightySignal/capistrano-sidekiq-mighty-servers.git
  revision: c2790313332611be852fa3b0c930ff5cf0d4264a
  branch: select_queues_per_server
  specs:
    capistrano-sidekiq-mighty-servers (0.0.0)
      capistrano
      sidekiq

GIT
  remote: https://11eba4fe4c8c978205e15b6553a02f82a35bed67:x-oauth-basic@github.com/MightySignal/metaforce.git
  revision: 543dec4cec325b390e8a719f455e5a912760ed25
  specs:
    metaforce (1.0.7)
      activesupport
      hashie (~> 3.5.5)
      listen (~> 0.6.0)
      rb-fsevent (~> 0.9.1)
      rubyzip (~> 1.1.7)
      savon (~> 1.2.0)
      thor (~> 0.19.4)

GIT
  remote: https://11eba4fe4c8c978205e15b6553a02f82a35bed67:x-oauth-basic@github.com/MightySignal/mighty_aws.git
  revision: 37f092f88eabcc973bfb717ff661e22b3987c2d3
  tag: 0.8.10
  specs:
    mighty_aws (0.8.10)
      aws-sdk (~> 2.3, >= 2.3.7)

GIT
  remote: https://11eba4fe4c8c978205e15b6553a02f82a35bed67:x-oauth-basic@github.com/MightySignal/ruby_apk.git
  revision: d1079ca48b00f0feb1df851a74b8eba8ae9e26bf
  branch: use_rubyzip_v_1_1_7
  specs:
    ruby_apk (0.7.1.pre.patched)
      rubyzip (= 1.1.7)

GEM
  remote: https://rubygems.org/
  remote: https://ee3069b7:c6ce5996@gems.contribsys.com/
  specs:
    PageRankr (4.2.1)
      httparty (>= 0.9.0)
      json (>= 1.4.6)
      jsonpath (>= 0.4.2)
      nokogiri (>= 1.4.1)
      public_suffix (>= 1.4.4)
    actionmailer (4.2.6)
      actionpack (= 4.2.6)
      actionview (= 4.2.6)
      activejob (= 4.2.6)
      mail (~> 2.5, >= 2.5.4)
      rails-dom-testing (~> 1.0, >= 1.0.5)
    actionpack (4.2.6)
      actionview (= 4.2.6)
      activesupport (= 4.2.6)
      rack (~> 1.6)
      rack-test (~> 0.6.2)
      rails-dom-testing (~> 1.0, >= 1.0.5)
      rails-html-sanitizer (~> 1.0, >= 1.0.2)
    actionpack-action_caching (1.2.0)
      actionpack (>= 4.0.0, < 6)
    actionview (4.2.6)
      activesupport (= 4.2.6)
      builder (~> 3.1)
      erubis (~> 2.7.0)
      rails-dom-testing (~> 1.0, >= 1.0.5)
      rails-html-sanitizer (~> 1.0, >= 1.0.2)
    activejob (4.2.6)
      activesupport (= 4.2.6)
      globalid (>= 0.3.0)
    activemodel (4.2.6)
      activesupport (= 4.2.6)
      builder (~> 3.1)
    activerecord (4.2.6)
      activemodel (= 4.2.6)
      activesupport (= 4.2.6)
      arel (~> 6.0)
    activerecord-import (0.13.0)
      activerecord (>= 3.0)
    activesupport (4.2.6)
      i18n (~> 0.7)
      json (~> 1.7, >= 1.7.7)
      minitest (~> 5.1)
      thread_safe (~> 0.3, >= 0.3.4)
      tzinfo (~> 1.1)
    addressable (2.4.0)
    akami (1.2.2)
      gyoku (>= 0.4.0)
      nokogiri
    arel (6.0.4)
    ast (2.3.0)
    autoprefixer-rails (6.7.6)
      execjs
    awesome_print (1.6.1)
    aws-sdk (2.9.19)
      aws-sdk-resources (= 2.9.19)
    aws-sdk-core (2.9.19)
      aws-sigv4 (~> 1.0)
      jmespath (~> 1.0)
    aws-sdk-resources (2.9.19)
      aws-sdk-core (= 2.9.19)
    aws-sigv4 (1.0.0)
    bcrypt (3.1.10)
    bootstrap-sass (3.2.0.0)
      sass (~> 3.2)
    buftok (0.2.0)
    bugsnag (3.0.0)
      json (~> 1.7, >= 1.7.7)
    builder (3.2.3)
    byebug (9.0.6)
    capistrano (3.4.0)
      i18n
      rake (>= 10.0.0)
      sshkit (~> 1.3)
    capistrano-bundler (1.2.0)
      capistrano (~> 3.1)
      sshkit (~> 1.2)
    capistrano-rails (1.1.2)
      capistrano (~> 3.1)
      capistrano-bundler (~> 1.1)
    capistrano-rvm (0.1.2)
      capistrano (~> 3.0)
      sshkit (~> 1.2)
    chewy (0.8.4)
      activesupport (>= 3.2)
      elasticsearch (>= 1.0.0)
    chronic (0.10.2)
    clearbit (0.2.7)
      nestful (~> 1.1.0)
    climate_control (0.1.0)
    cocaine (0.5.8)
      climate_control (>= 0.0.3, < 1.0)
    coffee-rails (4.0.1)
      coffee-script (>= 2.2.0)
      railties (>= 4.0.0, < 5.0)
    coffee-script (2.4.1)
      coffee-script-source
      execjs
    coffee-script-source (1.12.2)
    colorize (0.7.7)
    concurrent-ruby (1.0.5)
    connection_pool (2.2.1)
    countries (2.0.7)
      i18n_data (~> 0.7.0)
      money (~> 6.7)
      sixarm_ruby_unaccent (~> 1.1)
      unicode_utils (~> 1.4)
    crass (1.0.2)
    diff-lcs (1.3)
    diff_dirs (0.1.2)
    domain_name (0.5.20170223)
      unf (>= 0.0.5, < 1.0.0)
    domainator (2.0.0)
    dotenv (2.1.2)
    dotenv-rails (2.1.2)
      dotenv (= 2.1.2)
      railties (>= 3.2, < 5.1)
    elasticsearch (5.0.3)
      elasticsearch-api (= 5.0.3)
      elasticsearch-transport (= 5.0.3)
    elasticsearch-api (5.0.3)
      multi_json
    elasticsearch-model (0.1.7)
      activesupport (> 3)
      elasticsearch (> 0.4)
      hashie
    elasticsearch-rails (0.1.7)
    elasticsearch-transport (5.0.3)
      faraday
      multi_json
    equalizer (0.0.10)
    erubis (2.7.0)
    ethon (0.10.1)
      ffi (>= 1.3.0)
    execjs (2.7.0)
    faker (1.4.3)
      i18n (~> 0.5)
    faraday (0.9.2)
      multipart-post (>= 1.2, < 3)
    faraday_middleware (0.11.0.1)
      faraday (>= 0.7.4, < 1.0)
    ffi (1.9.17)
    filesize (0.0.4)
    foundation-rails (5.4.3.1)
      railties (>= 3.1.0)
      sass (>= 3.2.0)
    fuzzy_match (2.1.0)
    globalid (0.3.7)
      activesupport (>= 4.1.0)
    googl (0.7.1)
      httparty (~> 0.10)
      json (>= 1.4.6)
    gyoku (0.4.6)
      builder (>= 2.1.2)
    haml (4.0.7)
      tilt
    haml-rails (0.9.0)
      actionpack (>= 4.0.1)
      activesupport (>= 4.0.1)
      haml (>= 4.0.6, < 5.0)
      html2haml (>= 1.0.1)
      railties (>= 4.0.1)
    hashie (3.5.5)
    hike (1.2.3)
    hpricot (0.8.6)
    html2haml (2.1.0)
      erubis (~> 2.7.0)
      haml (~> 4.0)
      nokogiri (>= 1.6.0)
      ruby_parser (~> 3.5)
    http (1.0.4)
      addressable (~> 2.3)
      http-cookie (~> 1.0)
      http-form_data (~> 1.0.1)
      http_parser.rb (~> 0.6.0)
    http-cookie (1.0.3)
      domain_name (~> 0.5)
    http-form_data (1.0.1)
    http_parser.rb (0.6.0)
    httparty (0.13.7)
      json (~> 1.8)
      multi_xml (>= 0.5.2)
    httpclient (2.8.3)
    httpi (1.1.1)
      rack
    i18n (0.7.0)
    i18n_data (0.7.0)
    iso_country_codes (0.7.1)
    jbuilder (2.6.3)
      activesupport (>= 3.0.0, < 5.2)
      multi_json (~> 1.2)
    jmespath (1.3.1)
    jquery-rails (4.2.2)
      rails-dom-testing (>= 1, < 3)
      railties (>= 4.2.0)
      thor (>= 0.14, < 2.0)
    jquery-turbolinks (2.1.0)
      railties (>= 3.1.0)
      turbolinks
    jquery-ui-rails (6.0.1)
      railties (>= 3.2.16)
    json (1.8.6)
    jsonpath (0.5.8)
      multi_json
    jwt (1.0.0)
    kaminari (0.16.3)
      actionpack (>= 3.0.0)
      activesupport (>= 3.0.0)
    kgio (2.11.0)
    libv8 (3.16.14.17)
    listen (0.6.0)
    lograge (0.4.1)
      actionpack (>= 4, < 5.1)
      activesupport (>= 4, < 5.1)
      railties (>= 4, < 5.1)
    loofah (2.0.3)
      nokogiri (>= 1.5.9)
    mail (2.6.4)
      mime-types (>= 1.16, < 4)
    memoizable (0.4.2)
      thread_safe (~> 0.3, >= 0.3.1)
    mime-types (3.1)
      mime-types-data (~> 3.2015)
    mime-types-data (3.2016.0521)
    mimemagic (0.3.2)
    mini_portile (0.6.2)
    minitest (5.10.1)
    mixpanel-ruby (2.1.0)
    mixpanel_client (4.1.5)
      typhoeus
    money (6.8.1)
      i18n (>= 0.6.4, <= 0.7.0)
      sixarm_ruby_unaccent (>= 1.1.1, < 2)
    multi_json (1.12.1)
    multi_xml (0.6.0)
    multipart-post (2.0.0)
    mysql2 (0.3.17)
    naught (1.1.0)
    nestful (1.1.1)
    net (0.3.3)
      activesupport
    net-scp (1.2.1)
      net-ssh (>= 2.6.5)
    net-ssh (2.9.1)
    newrelic_rpm (3.18.1.330)
    nokogiri (1.6.4.1)
      mini_portile (~> 0.6.0)
    nokogumbo (1.4.1)
      nokogiri
    nori (1.1.5)
    oauth2 (1.1.0)
      faraday (>= 0.8, < 0.10)
      jwt (~> 1.0, < 1.5.2)
      multi_json (~> 1.3)
      multi_xml (~> 0.5)
      rack (>= 1.2, < 3)
    omniauth (1.3.1)
      hashie (>= 1.2, < 4)
      rack (>= 1.0, < 3)
    omniauth-oauth2 (1.4.0)
      oauth2 (~> 1.0)
      omniauth (~> 1.2)
    omniauth-salesforce (1.0.5)
      omniauth (~> 1.0)
      omniauth-oauth2 (~> 1.0)
    open_uri_redirections (0.2.1)
    paperclip (5.0.0)
      activemodel (>= 4.2.0)
      activesupport (>= 4.2.0)
      cocaine (~> 0.5.5)
      mime-types
      mimemagic (~> 0.3.0)
    parallel (1.6.0)
    parser (2.4.0.0)
      ast (~> 2.2)
    plist (3.2.0)
    powerpack (0.1.1)
    public_suffix (2.0.5)
    rack (1.6.5)
    rack-cors (0.4.1)
    rack-protection (1.5.3)
      rack
    rack-test (0.6.3)
      rack (>= 1.0)
    rails (4.2.6)
      actionmailer (= 4.2.6)
      actionpack (= 4.2.6)
      actionview (= 4.2.6)
      activejob (= 4.2.6)
      activemodel (= 4.2.6)
      activerecord (= 4.2.6)
      activesupport (= 4.2.6)
      bundler (>= 1.3.0, < 2.0)
      railties (= 4.2.6)
      sprockets-rails
    rails-deprecated_sanitizer (1.0.3)
      activesupport (>= 4.2.0.alpha)
    rails-dom-testing (1.0.8)
      activesupport (>= 4.2.0.beta, < 5.0)
      nokogiri (~> 1.6)
      rails-deprecated_sanitizer (>= 1.0.1)
    rails-html-sanitizer (1.0.3)
      loofah (~> 2.0)
    railties (4.2.6)
      actionpack (= 4.2.6)
      activesupport (= 4.2.6)
      rake (>= 0.8.7)
      thor (>= 0.18.1, < 2.0)
    rainbow (2.2.1)
    raindrops (0.17.0)
    rake (12.0.0)
    rb-fsevent (0.9.8)
    rdoc (4.3.0)
    recaptcha (4.0.1)
      json
    redis (3.3.3)
    redis-actionpack (5.0.1)
      actionpack (>= 4.0, < 6)
      redis-rack (>= 1, < 3)
      redis-store (>= 1.1.0, < 1.4.0)
    redis-activesupport (5.0.1)
      activesupport (>= 3, < 6)
      redis-store (~> 1.2.0)
    redis-rack (2.0.0.pre)
      rack (> 1.5, < 3)
      redis-store (~> 1.2.0.pre)
    redis-rails (5.0.1)
      redis-actionpack (~> 5.0.0)
      redis-activesupport (~> 5.0.0)
      redis-store (~> 1.2.0)
    redis-store (1.2.0)
      redis (>= 2.2)
    ref (2.0.0)
    restforce (2.3.0)
      faraday (~> 0.9.0)
      faraday_middleware (>= 0.8.8)
      hashie (>= 1.2.0, < 4.0)
      json (>= 1.7.5, < 1.9.0)
    rspec-mocks (3.5.0)
      diff-lcs (>= 1.2.0, < 2.0)
      rspec-support (~> 3.5.0)
    rspec-support (3.5.0)
    rubocop (0.47.1)
      parser (>= 2.3.3.1, < 3.0)
      powerpack (~> 0.1)
      rainbow (>= 1.99.1, < 3.0)
      ruby-progressbar (~> 1.7)
      unicode-display_width (~> 1.0, >= 1.0.1)
    ruby-progressbar (1.8.1)
    ruby-protocol-buffers (1.6.1)
    ruby_parser (3.8.4)
      sexp_processor (~> 4.1)
    rubyzip (1.1.7)
    sanitize (4.0.0)
      crass (~> 1.0.2)
      nokogiri (>= 1.4.4)
      nokogumbo (= 1.4.1)
    sass (3.2.19)
    sass-rails (4.0.5)
      railties (>= 4.0.0, < 5.0)
      sass (~> 3.2.2)
      sprockets (~> 2.8, < 3.0)
      sprockets-rails (~> 2.0)
    savon (1.2.0)
      akami (~> 1.2.0)
      builder (>= 2.1.2)
      gyoku (~> 0.4.5)
      httpi (~> 1.1.0)
      nokogiri (>= 1.4.0)
      nori (~> 1.1.0)
      wasabi (~> 2.5.0)
    sdoc (0.4.2)
      json (~> 1.7, >= 1.7.7)
      rdoc (~> 4.0)
    seed_dump (3.2.4)
      activerecord (>= 4)
      activesupport (>= 4)
    sexp_processor (4.8.0)
    sidekiq (4.2.9)
      concurrent-ruby (~> 1.0)
      connection_pool (~> 2.2, >= 2.2.0)
      rack-protection (>= 1.5.0)
      redis (~> 3.2, >= 3.2.1)
    sidekiq-pro (3.4.3)
      sidekiq (>= 4.1.5)
    sidekiq-throttler (0.5.1)
      activesupport
      sidekiq (>= 2.5, < 5.0)
    simple_oauth (0.3.1)
    sinatra (1.4.8)
      rack (~> 1.5)
      rack-protection (~> 1.4)
      tilt (>= 1.3, < 3)
    sixarm_ruby_unaccent (1.1.1)
    slackiq (1.1.4)
      httparty
    slim (3.0.6)
      temple (~> 0.7.3)
      tilt (>= 1.3.3, < 2.1)
    slim-rails (3.0.1)
      actionmailer (>= 3.1, < 5.0)
      actionpack (>= 3.1, < 5.0)
      activesupport (>= 3.1, < 5.0)
      railties (>= 3.1, < 5.0)
      slim (~> 3.0)
    socksify (1.6.0)
    spidr (0.4.1)
      nokogiri (~> 1.3)
    spring (1.3.6)
    sprockets (2.12.4)
      hike (~> 1.2)
      multi_json (~> 1.0)
      rack (~> 1.0)
      tilt (~> 1.1, != 1.3.0)
    sprockets-rails (2.3.3)
      actionpack (>= 3.0)
      activesupport (>= 3.0)
      sprockets (>= 2.8, < 4.0)
    sshkit (1.12.0)
      net-scp (>= 1.1.2)
      net-ssh (>= 2.8.0)
    temple (0.7.7)
    text (1.3.1)
    therubyracer (0.12.2)
      libv8 (~> 3.16.14.0)
      ref
    thor (0.19.4)
    thread_safe (0.3.6)
    tilt (1.4.1)
    turbolinks (5.0.1)
      turbolinks-source (~> 5)
    turbolinks-source (5.0.0)
    twitter (5.16.0)
      addressable (~> 2.3)
      buftok (~> 0.2.0)
      equalizer (= 0.0.10)
      faraday (~> 0.9.0)
      http (~> 1.0)
      http_parser.rb (~> 0.6.0)
      json (~> 1.8)
      memoizable (~> 0.4.0)
      naught (~> 1.0)
      simple_oauth (~> 0.3.0)
    typhoeus (1.1.2)
      ethon (>= 0.9.0)
    tzinfo (1.2.3)
      thread_safe (~> 0.1)
    uglifier (3.1.2)
      execjs (>= 0.3.0, < 3)
    unf (0.1.4)
      unf_ext
    unf_ext (0.0.7.2)
    unicode-display_width (1.1.3)
    unicode_utils (1.4.0)
    unicorn (4.9.0)
      kgio (~> 2.6)
      rack
      raindrops (~> 0.7)
    wasabi (2.5.1)
      httpi (~> 1.0)
      nokogiri (>= 1.4.0)
    whenever (0.9.4)
      chronic (>= 0.6.3)
    www-favicon (0.0.6)
      hpricot

PLATFORMS
  ruby

DEPENDENCIES
  PageRankr (= 4.2.1)
  actionpack-action_caching
  activerecord-import (= 0.13.0)
  addressable (~> 2.4)
  autoprefixer-rails
  awesome_print (= 1.6.1)
  bcrypt (= 3.1.10)
  bootstrap-sass (= 3.2.0)
  bugsnag (= 3.0.0)
  byebug
  capistrano (= 3.4.0)
  capistrano-rails (= 1.1.2)
  capistrano-rvm (= 0.1.2)
  capistrano-sidekiq-mighty-servers!
  chewy (= 0.8.4)
  clearbit
  coffee-rails (~> 4.0.0)
  colorize (= 0.7.7)
  countries
  diff_dirs (= 0.1.2)
  domainator (= 2.0.0)
  dotenv-rails (~> 2.1.1)
  elasticsearch-model (= 0.1.7)
  elasticsearch-rails (= 0.1.7)
  faker (= 1.4.3)
  filesize (= 0.0.4)
  foundation-rails (= 5.4.3.1)
  fuzzy_match (= 2.1.0)
  googl (= 0.7.1)
  haml
  haml-rails
  httparty (= 0.13.7)
  httpclient
  iso_country_codes (= 0.7.1)
  jbuilder (~> 2.0)
  jquery-rails
  jquery-turbolinks
  jquery-ui-rails
  jwt (= 1.0.0)
  kaminari (= 0.16.3)
  lograge (~> 0.4.1)
  metaforce!
  mighty_aws!
  minitest (~> 5.1)
  mixpanel-ruby (= 2.1.0)
  mixpanel_client (= 4.1.5)
  mysql2 (= 0.3.17)
  net
  net-ssh (= 2.9.1)
  newrelic_rpm
  nokogiri (= 1.6.4.1)
  omniauth-salesforce
  open_uri_redirections
  paperclip (~> 5.0.0.beta2)
  parallel (= 1.6.0)
  plist (~> 3.2)
  rack-cors
  rails (= 4.2.6)
  recaptcha (= 4.0.1)
  redis-rails
  restforce (= 2.3.0)
  rspec-mocks (~> 3.5)
  rubocop
  ruby-protocol-buffers (~> 1.6.1)
  ruby_apk!
  rubyzip (= 1.1.7)
  sanitize (= 4.0.0)
  sass-rails (~> 4.0.3)
  sdoc (~> 0.4.0)
  seed_dump
  sidekiq-pro (~> 3.4.1)!
  sidekiq-throttler (= 0.5.1)
  sinatra
  slackiq (= 1.1.4)
  slim (= 3.0.6)
  slim-rails (= 3.0.1)
  socksify (= 1.6.0)
  spidr (= 0.4.1)
  spring (= 1.3.6)
  text (= 1.3.1)
  therubyracer (= 0.12.2)
  turbolinks
  twitter (= 5.16.0)
  uglifier (>= 1.3.0)
  unicorn (= 4.9.0)
  whenever (= 0.9.4)
  www-favicon (= 0.0.6)

BUNDLED WITH
   1.14.6
