GIT
  remote: git://github.com/MightySignal/capistrano-sidekiq-mighty-servers.git
  revision: c2790313332611be852fa3b0c930ff5cf0d4264a
  branch: select_queues_per_server
  specs:
    capistrano-sidekiq-mighty-servers (0.0.0)
      capistrano
      sidekiq

GEM
  remote: https://rubygems.org/
  remote: https://ee3069b7:c6ce5996@gems.contribsys.com/
  specs:
    PageRankr (4.2.1)
      httparty (>= 0.9.0)
      json (>= 1.4.6)
      jsonpath (>= 0.4.2)
      nokogiri (>= 1.4.1)
      public_suffix (>= 1.4.4)
    actionmailer (4.1.6)
      actionpack (= 4.1.6)
      actionview (= 4.1.6)
      mail (~> 2.5, >= 2.5.4)
    actionpack (4.1.6)
      actionview (= 4.1.6)
      activesupport (= 4.1.6)
      rack (~> 1.5.2)
      rack-test (~> 0.6.2)
    actionview (4.1.6)
      activesupport (= 4.1.6)
      builder (~> 3.1)
      erubis (~> 2.7.0)
    activemodel (4.1.6)
      activesupport (= 4.1.6)
      builder (~> 3.1)
    activerecord (4.1.6)
      activemodel (= 4.1.6)
      activesupport (= 4.1.6)
      arel (~> 5.0.0)
    activesupport (4.1.6)
      i18n (~> 0.6, >= 0.6.9)
      json (~> 1.7, >= 1.7.7)
      minitest (~> 5.1)
      thread_safe (~> 0.1)
      tzinfo (~> 1.1)
    apk_downloader (1.1.5)
      ruby-protocol-buffers
      varint
    arel (5.0.1.20140414130214)
    autoprefixer-rails (6.0.3)
      execjs
      json
    awesome_print (1.6.1)
    aws-sdk (1.66.0)
      aws-sdk-v1 (= 1.66.0)
    aws-sdk-v1 (1.66.0)
      json (~> 1.4)
      nokogiri (>= 1.4.4)
    bcrypt (3.1.10)
    bootstrap-sass (3.2.0.0)
      sass (~> 3.2)
    builder (3.2.2)
    capistrano (3.2.1)
      i18n
      rake (>= 10.0.0)
      sshkit (~> 1.3)
    capistrano-bundler (1.1.4)
      capistrano (~> 3.1)
      sshkit (~> 1.2)
    capistrano-rails (1.1.2)
      capistrano (~> 3.1)
      capistrano-bundler (~> 1.1)
    celluloid (0.17.2)
      celluloid-essentials
      celluloid-extras
      celluloid-fsm
      celluloid-pool
      celluloid-supervision
      timers (>= 4.1.1)
    celluloid-essentials (0.20.5)
      timers (>= 4.1.1)
    celluloid-extras (0.20.5)
      timers (>= 4.1.1)
    celluloid-fsm (0.20.5)
      timers (>= 4.1.1)
    celluloid-pool (0.20.5)
      timers (>= 4.1.1)
    celluloid-supervision (0.20.5)
      timers (>= 4.1.1)
    chewy (0.8.1)
      activesupport (>= 3.2)
      elasticsearch (>= 1.0.0)
    chronic (0.10.2)
    clearbit (0.1.7.pre)
      nestful (~> 1.1.0)
    climate_control (0.0.3)
      activesupport (>= 3.0)
    cocaine (0.5.7)
      climate_control (>= 0.0.3, < 1.0)
    coffee-rails (4.0.1)
      coffee-script (>= 2.2.0)
      railties (>= 4.0.0, < 5.0)
    coffee-script (2.4.1)
      coffee-script-source
      execjs
    coffee-script-source (1.9.1.1)
    colorize (0.7.7)
    connection_pool (2.2.0)
    crass (1.0.2)
    domainator (2.0.0)
    elasticsearch (1.0.13)
      elasticsearch-api (= 1.0.13)
      elasticsearch-transport (= 1.0.13)
    elasticsearch-api (1.0.13)
      multi_json
    elasticsearch-model (0.1.7)
      activesupport (> 3)
      elasticsearch (> 0.4)
      hashie
    elasticsearch-rails (0.1.7)
    elasticsearch-transport (1.0.13)
      faraday
      multi_json
    erubis (2.7.0)
    execjs (2.6.0)
    faker (1.4.3)
      i18n (~> 0.5)
    faraday (0.9.2)
      multipart-post (>= 1.2, < 3)
    faraday_middleware (0.10.0)
      faraday (>= 0.7.4, < 0.10)
    filesize (0.0.4)
    foundation-rails (5.4.3.1)
      railties (>= 3.1.0)
      sass (>= 3.2.0)
    haml (4.0.7)
      tilt
    haml-rails (0.9.0)
      actionpack (>= 4.0.1)
      activesupport (>= 4.0.1)
      haml (>= 4.0.6, < 5.0)
      html2haml (>= 1.0.1)
      railties (>= 4.0.1)
    hashie (2.0.5)
    hike (1.2.3)
    hitimes (1.2.3)
    hpricot (0.8.6)
    html2haml (2.0.0)
      erubis (~> 2.7.0)
      haml (~> 4.0.0)
      nokogiri (~> 1.6.0)
      ruby_parser (~> 3.5)
    httparty (0.13.3)
      json (~> 1.8)
      multi_xml (>= 0.5.2)
    i18n (0.7.0)
    iso_country_codes (0.7.1)
    jbuilder (2.3.2)
      activesupport (>= 3.0.0, < 5)
      multi_json (~> 1.2)
    jquery-rails (3.1.4)
      railties (>= 3.0, < 5.0)
      thor (>= 0.14, < 2.0)
    jquery-turbolinks (2.1.0)
      railties (>= 3.1.0)
      turbolinks
    jquery-ui-rails (5.0.5)
      railties (>= 3.2.16)
    json (1.8.3)
    jsonpath (0.5.7)
      multi_json
    jwt (1.0.0)
    kaminari (0.16.3)
      actionpack (>= 3.0.0)
      activesupport (>= 3.0.0)
    kgio (2.10.0)
    libv8 (3.11.8.17)
    mail (2.6.3)
      mime-types (>= 1.16, < 3)
    mime-types (2.6.2)
    mimemagic (0.3.0)
    mini_portile (0.6.2)
    minitest (5.8.1)
    minitest-fail-fast (0.0.1)
      minitest (~> 5)
    mixpanel-ruby (2.1.0)
    multi_json (1.11.2)
    multi_xml (0.5.5)
    multipart-post (2.0.0)
    mysql2 (0.3.17)
    nestful (1.1.1)
    net (0.3.3)
      activesupport
    net-scp (1.2.1)
      net-ssh (>= 2.6.5)
    net-ssh (2.9.1)
    newrelic_rpm (3.13.2.302)
    nokogiri (1.6.4.1)
      mini_portile (~> 0.6.0)
    nokogumbo (1.4.1)
      nokogiri
    oauth2 (1.0.0)
      faraday (>= 0.8, < 0.10)
      jwt (~> 1.0)
      multi_json (~> 1.3)
      multi_xml (~> 0.5)
      rack (~> 1.2)
    omniauth (1.2.2)
      hashie (>= 1.2, < 4)
      rack (~> 1.0)
    omniauth-oauth2 (1.3.1)
      oauth2 (~> 1.0)
      omniauth (~> 1.2)
    omniauth-salesforce (1.0.5)
      omniauth (~> 1.0)
      omniauth-oauth2 (~> 1.0)
    open_uri_redirections (0.2.1)
    paperclip (4.3.0)
      activemodel (>= 3.2.0)
      activesupport (>= 3.2.0)
      cocaine (~> 0.5.5)
      mime-types
      mimemagic (= 0.3.0)
    parallel (1.6.0)
    public_suffix (1.4.6)
    rack (1.5.5)
    rack-cors (0.4.0)
    rack-test (0.6.3)
      rack (>= 1.0)
    rails (4.1.6)
      actionmailer (= 4.1.6)
      actionpack (= 4.1.6)
      actionview (= 4.1.6)
      activemodel (= 4.1.6)
      activerecord (= 4.1.6)
      activesupport (= 4.1.6)
      bundler (>= 1.3.0, < 2.0)
      railties (= 4.1.6)
      sprockets-rails (~> 2.0)
    railties (4.1.6)
      actionpack (= 4.1.6)
      activesupport (= 4.1.6)
      rake (>= 0.8.7)
      thor (>= 0.18.1, < 2.0)
    raindrops (0.15.0)
    rake (10.4.2)
    rb-libsvm (1.3.1)
    rdoc (4.2.0)
      json (~> 1.4)
    redis (3.2.1)
    redis-namespace (1.5.2)
      redis (~> 3.0, >= 3.0.4)
    ref (2.0.0)
    restforce (1.5.0)
      faraday (~> 0.9.0)
      faraday_middleware (>= 0.8.8)
      hashie (>= 1.2.0, < 2.1)
      json (>= 1.7.5, < 1.9.0)
    ruby-protocol-buffers (1.6.1)
    ruby_apk (0.7.1)
      rubyzip (< 1.0.0)
    ruby_parser (3.7.1)
      sexp_processor (~> 4.1)
    rubyzip (0.9.9)
    sanitize (4.0.0)
      crass (~> 1.0.2)
      nokogiri (>= 1.4.4)
      nokogumbo (= 1.4.1)
    sass (3.2.19)
    sass-rails (4.0.5)
      railties (>= 4.0.0, < 5.0)
      sass (~> 3.2.2)
      sprockets (~> 2.8, < 3.0)
      sprockets-rails (~> 2.0)
    sdoc (0.4.1)
      json (~> 1.7, >= 1.7.7)
      rdoc (~> 4.0)
    sexp_processor (4.6.0)
    sidekiq (3.5.1)
      celluloid (~> 0.17.2)
      connection_pool (~> 2.2, >= 2.2.0)
      json (~> 1.0)
      redis (~> 3.2, >= 3.2.1)
      redis-namespace (~> 1.5, >= 1.5.2)
    sidekiq-pro (2.0.8)
      sidekiq (>= 3.4.2)
    similar_text (0.0.4)
    socksify (1.6.0)
    spidr (0.4.1)
      nokogiri (~> 1.3)
    spring (1.3.6)
    sprockets (2.12.4)
      hike (~> 1.2)
      multi_json (~> 1.0)
      rack (~> 1.0)
      tilt (~> 1.1, != 1.3.0)
    sprockets-rails (2.3.3)
      actionpack (>= 3.0)
      activesupport (>= 3.0)
      sprockets (>= 2.8, < 4.0)
    sshkit (1.7.1)
      colorize (>= 0.7.0)
      net-scp (>= 1.1.2)
      net-ssh (>= 2.8.0)
    text (1.3.1)
    therubyracer (0.11.3)
      libv8 (~> 3.11.8.12)
      ref
    thor (0.19.1)
    thread_safe (0.3.5)
    tilt (1.4.1)
    timers (4.1.1)
      hitimes
    turbolinks (2.5.3)
      coffee-rails
    tzinfo (1.2.2)
      thread_safe (~> 0.1)
    uglifier (2.7.2)
      execjs (>= 0.3.0)
      json (>= 1.8.0)
    unicorn (4.9.0)
      kgio (~> 2.6)
      rack
      raindrops (~> 0.7)
    varint (0.1.1)
    whenever (0.9.4)
      chronic (>= 0.6.3)
    whois (3.5.9)
      activesupport (>= 3)
    www-favicon (0.0.6)
      hpricot

PLATFORMS
  ruby

DEPENDENCIES
  PageRankr (= 4.2.1)
  apk_downloader (= 1.1.5)
  autoprefixer-rails
  awesome_print (= 1.6.1)
  aws-sdk (< 2.0)
  bcrypt (= 3.1.10)
  bootstrap-sass (= 3.2.0)
  capistrano (= 3.2.1)
  capistrano-rails (= 1.1.2)
  capistrano-sidekiq-mighty-servers!
  chewy (= 0.8.1)
  clearbit (~> 0.1.6.pre)
  coffee-rails (~> 4.0.0)
  colorize (= 0.7.7)
  domainator (= 2.0.0)
  elasticsearch-model (= 0.1.7)
  elasticsearch-rails (= 0.1.7)
  faker (= 1.4.3)
  filesize (= 0.0.4)
  foundation-rails (= 5.4.3.1)
  haml
  haml-rails
  httparty (= 0.13.3)
  iso_country_codes (= 0.7.1)
  jbuilder (~> 2.0)
  jquery-rails
  jquery-turbolinks
  jquery-ui-rails
  jwt (= 1.0.0)
  kaminari (= 0.16.3)
  minitest-fail-fast (= 0.0.1)
  mixpanel-ruby (= 2.1.0)
  mysql2 (= 0.3.17)
  net
  net-ssh (= 2.9.1)
  newrelic_rpm
  nokogiri (= 1.6.4.1)
  omniauth-salesforce (= 1.0.5)
  open_uri_redirections
  paperclip (= 4.3.0)
  parallel (= 1.6.0)
  public_suffix (= 1.4.6)
  rack-cors
  rails (= 4.1.6)
  rb-libsvm (= 1.3.1)
  restforce (= 1.5.0)
  ruby_apk (= 0.7.1)
  sanitize (= 4.0.0)
  sass-rails (~> 4.0.3)
  sdoc (~> 0.4.0)
  sidekiq-pro (= 2.0.8)!
  similar_text (= 0.0.4)
  socksify (= 1.6.0)
  spidr (= 0.4.1)
  spring (~> 1.3.6)
  text (= 1.3.1)
  therubyracer (= 0.11.3)
  turbolinks
  uglifier (>= 1.3.0)
  unicorn
  whenever (= 0.9.4)
  whois (= 3.5.9)
  www-favicon (= 0.0.6)

BUNDLED WITH
   1.10.6
