GIT
  remote: git://github.com/MightySignal/capistrano-sidekiq-mighty-servers.git
  revision: c2790313332611be852fa3b0c930ff5cf0d4264a
  branch: select_queues_per_server
  specs:
    capistrano-sidekiq-mighty-servers (0.0.0)
      capistrano
      sidekiq

GIT
  remote: git://github.com/mhui/domainatrix.git
  revision: 6baae8e8e1fb4c34b45d2420a02638ccdafdf65f
  specs:
    domainatrix (0.0.11)
      addressable

GIT
  remote: git://github.com/yatish27/salesforce_bulk_api.git
  revision: 3ff3f41ad7e5a5217b4c278ddb0343f4cb50b182
  specs:
    salesforce_bulk_api (0.0.13)
      json
      xml-simple

GIT
  remote: https://11eba4fe4c8c978205e15b6553a02f82a35bed67:x-oauth-basic@github.com/MightySignal/activerecord4-redshift-adapter.git
  revision: 884cc27bb3e3b2c1f2679068d7b636dc2d256b0c
  specs:
    activerecord4-redshift-adapter (0.2.4)
      activerecord (~> 4.2.0)
      pg (~> 0.21)

GIT
  remote: https://11eba4fe4c8c978205e15b6553a02f82a35bed67:x-oauth-basic@github.com/MightySignal/metaforce.git
  revision: 9468a960d0b56b88f1abc1da47dbce7c912cd46f
  specs:
    metaforce (1.0.8)
      activesupport
      hashie (~> 3.5.5)
      listen (~> 3.0)
      rb-fsevent (~> 0.9.1)
      rubyzip (~> 1.1.7)
      savon (~> 1.2.0)
      thor (~> 0.19.4)

GIT
  remote: https://11eba4fe4c8c978205e15b6553a02f82a35bed67:x-oauth-basic@github.com/MightySignal/mighty_aws.git
  revision: 8f56b7a39904b01705f5595589b2248d10977274
  tag: 0.9.1
  specs:
    mighty_aws (0.8.13)
      aws-sdk (~> 2.3, >= 2.3.7)

GIT
  remote: https://11eba4fe4c8c978205e15b6553a02f82a35bed67:x-oauth-basic@github.com/MightySignal/ruby_apk.git
  revision: d1079ca48b00f0feb1df851a74b8eba8ae9e26bf
  branch: use_rubyzip_v_1_1_7
  specs:
    ruby_apk (0.7.1.pre.patched)
      rubyzip (= 1.1.7)

GIT
  remote: https://github.com/rails/actionpack-action_caching.git
  revision: 4c3cdbe714d567558126bff02b5148740709e581
  branch: master
  specs:
    actionpack-action_caching (1.2.0)
      actionpack (>= 4.0.0)

GEM
  remote: https://rubygems.org/
  remote: https://ee3069b7:c6ce5996@gems.contribsys.com/
  specs:
    PageRankr (4.2.1)
      httparty (>= 0.9.0)
      json (>= 1.4.6)
      jsonpath (>= 0.4.2)
      nokogiri (>= 1.4.1)
      public_suffix (>= 1.4.4)
    actionmailer (4.2.8)
      actionpack (= 4.2.8)
      actionview (= 4.2.8)
      activejob (= 4.2.8)
      mail (~> 2.5, >= 2.5.4)
      rails-dom-testing (~> 1.0, >= 1.0.5)
    actionpack (4.2.8)
      actionview (= 4.2.8)
      activesupport (= 4.2.8)
      rack (~> 1.6)
      rack-test (~> 0.6.2)
      rails-dom-testing (~> 1.0, >= 1.0.5)
      rails-html-sanitizer (~> 1.0, >= 1.0.2)
    actionview (4.2.8)
      activesupport (= 4.2.8)
      builder (~> 3.1)
      erubis (~> 2.7.0)
      rails-dom-testing (~> 1.0, >= 1.0.5)
      rails-html-sanitizer (~> 1.0, >= 1.0.3)
    activejob (4.2.8)
      activesupport (= 4.2.8)
      globalid (>= 0.3.0)
    activemodel (4.2.8)
      activesupport (= 4.2.8)
      builder (~> 3.1)
    activerecord (4.2.8)
      activemodel (= 4.2.8)
      activesupport (= 4.2.8)
      arel (~> 6.0)
    activerecord-import (0.13.0)
      activerecord (>= 3.0)
    activesupport (4.2.8)
      i18n (~> 0.7)
      minitest (~> 5.1)
      thread_safe (~> 0.3, >= 0.3.4)
      tzinfo (~> 1.1)
    addressable (2.5.1)
      public_suffix (~> 2.0, >= 2.0.2)
    ahoy_matey (2.1.0)
      addressable
      browser (~> 2.0)
      device_detector
      geocoder (>= 1.4.5)
      railties (>= 4.2)
      referer-parser (>= 0.3)
      request_store
      safely_block (>= 0.2.1)
      user_agent_parser
    akami (1.2.2)
      gyoku (>= 0.4.0)
      nokogiri
    andand (1.3.3)
    annotate (2.7.4)
      activerecord (>= 3.2, < 6.0)
      rake (>= 10.4, < 13.0)
    arel (6.0.4)
    ast (2.3.0)
    autoprefixer-rails (9.4.8)
      execjs
    awesome_print (1.6.1)
    aws-sdk (2.11.95)
      aws-sdk-resources (= 2.11.95)
    aws-sdk-core (2.11.95)
      aws-sigv4 (~> 1.0)
      jmespath (~> 1.0)
    aws-sdk-resources (2.11.95)
      aws-sdk-core (= 2.11.95)
    aws-sigv4 (1.0.3)
    backports (3.8.0)
    bcrypt (3.1.10)
    browser (2.5.2)
    buftok (0.2.0)
    bugsnag (5.3.2)
    builder (3.2.3)
    buttercms-rails (1.2.1)
      buttercms-ruby (~> 1.3.1)
    buttercms-ruby (1.3.1)
    byebug (9.0.6)
    capistrano (3.4.0)
      i18n
      rake (>= 10.0.0)
      sshkit (~> 1.3)
    capistrano-bundler (1.2.0)
      capistrano (~> 3.1)
      sshkit (~> 1.2)
    capistrano-rails (1.1.2)
      capistrano (~> 3.1)
      capistrano-bundler (~> 1.1)
    capistrano-rvm (0.1.2)
      capistrano (~> 3.0)
      sshkit (~> 1.2)
    chewy (0.8.4)
      activesupport (>= 3.2)
      elasticsearch (>= 1.0.0)
    chronic (0.10.2)
    clearbit (0.2.7)
      nestful (~> 1.1.0)
    climate_control (0.2.0)
    cocaine (0.5.8)
      climate_control (>= 0.0.3, < 1.0)
    coffee-rails (4.0.1)
      coffee-script (>= 2.2.0)
      railties (>= 4.0.0, < 5.0)
    coffee-script (2.4.1)
      coffee-script-source
      execjs
    coffee-script-source (1.12.2)
    colorize (0.7.7)
    compass-import-once (1.0.5)
      sass (>= 3.2, < 3.5)
    concurrent-ruby (1.0.5)
    connection_pool (2.2.1)
    contracts (0.13.0)
    countries (2.0.8)
      i18n_data (~> 0.7.0)
      money (~> 6.7)
      sixarm_ruby_unaccent (~> 1.1)
      unicode_utils (~> 1.4)
    crass (1.0.2)
    database_cleaner (1.7.0)
    device_detector (1.0.1)
    diff-lcs (1.3)
    diff_dirs (0.1.2)
    docile (1.1.5)
    domain_name (0.5.20170404)
      unf (>= 0.0.5, < 1.0.0)
    dotenv (2.1.2)
    dotenv-rails (2.1.2)
      dotenv (= 2.1.2)
      railties (>= 3.2, < 5.1)
    elasticsearch (5.0.4)
      elasticsearch-api (= 5.0.4)
      elasticsearch-transport (= 5.0.4)
    elasticsearch-api (5.0.4)
      multi_json
    elasticsearch-model (0.1.7)
      activesupport (> 3)
      elasticsearch (> 0.4)
      hashie
    elasticsearch-rails (0.1.7)
    elasticsearch-transport (5.0.4)
      faraday
      multi_json
    equalizer (0.0.10)
    errbase (0.1.1)
    erubis (2.7.0)
    ethon (0.10.1)
      ffi (>= 1.3.0)
    execjs (2.7.0)
    factory_girl (4.9.0)
      activesupport (>= 3.0.0)
    factory_girl_rails (4.9.0)
      factory_girl (~> 4.9.0)
      railties (>= 3.0.0)
    faker (1.9.3)
      i18n (>= 0.7)
    faraday (0.9.2)
      multipart-post (>= 1.2, < 3)
    faraday_middleware (0.12.2)
      faraday (>= 0.7.4, < 1.0)
    fast_blank (1.0.0)
    fastimage (2.1.0)
    ffi (1.9.18)
    filesize (0.0.4)
    fuzzy_match (2.1.0)
    geocoder (1.5.0)
    globalid (0.4.0)
      activesupport (>= 4.2.0)
    googl (0.7.1)
      httparty (~> 0.10)
      json (>= 1.4.6)
    gyoku (0.4.6)
      builder (>= 2.1.2)
    haml (4.0.7)
      tilt
    hamster (3.0.0)
      concurrent-ruby (~> 1.0)
    hashie (3.5.5)
    healthy_pools (2.2.5)
    hpricot (0.8.6)
    http (1.0.4)
      addressable (~> 2.3)
      http-cookie (~> 1.0)
      http-form_data (~> 1.0.1)
      http_parser.rb (~> 0.6.0)
    http-cookie (1.0.3)
      domain_name (~> 0.5)
    http-form_data (1.0.3)
    http_parser.rb (0.6.0)
    httparty (0.13.7)
      json (~> 1.8)
      multi_xml (>= 0.5.2)
    httpclient (2.8.3)
    httpi (1.1.1)
      rack
    i18n (0.7.0)
    i18n_data (0.7.0)
    iso_country_codes (0.7.1)
    jbuilder (2.7.0)
      activesupport (>= 4.2.0)
      multi_json (>= 1.2)
    jmespath (1.4.0)
    jquery-rails (4.3.1)
      rails-dom-testing (>= 1, < 3)
      railties (>= 4.2.0)
      thor (>= 0.14, < 2.0)
    jquery-turbolinks (2.1.0)
      railties (>= 3.1.0)
      turbolinks
    jquery-ui-rails (6.0.1)
      railties (>= 3.2.16)
    json (1.8.6)
    jsonpath (0.8.5)
      multi_json
    jwt (1.0.0)
    kaminari (0.16.3)
      actionpack (>= 3.0.0)
      activesupport (>= 3.0.0)
    kgio (2.11.0)
    kramdown (1.13.2)
    listen (3.0.8)
      rb-fsevent (~> 0.9, >= 0.9.4)
      rb-inotify (~> 0.9, >= 0.9.7)
    lograge (0.4.1)
      actionpack (>= 4, < 5.1)
      activesupport (>= 4, < 5.1)
      railties (>= 4, < 5.1)
    loofah (2.0.3)
      nokogiri (>= 1.5.9)
    mail (2.6.6)
      mime-types (>= 1.16, < 4)
    memoist (0.15.0)
    memoizable (0.4.2)
      thread_safe (~> 0.3, >= 0.3.1)
    metaclass (0.0.4)
    middleman (4.2.1)
      coffee-script (~> 2.2)
      compass-import-once (= 1.0.5)
      haml (>= 4.0.5)
      kramdown (~> 1.2)
      middleman-cli (= 4.2.1)
      middleman-core (= 4.2.1)
      sass (>= 3.4.0, < 4.0)
    middleman-autoprefixer (2.10.0)
      autoprefixer-rails (>= 9.1.4)
      middleman-core (>= 3.3.3)
    middleman-cli (4.2.1)
      thor (>= 0.17.0, < 2.0)
    middleman-core (4.2.1)
      activesupport (>= 4.2, < 5.1)
      addressable (~> 2.3)
      backports (~> 3.6)
      bundler (~> 1.1)
      contracts (~> 0.13.0)
      dotenv
      erubis
      execjs (~> 2.0)
      fast_blank
      fastimage (~> 2.0)
      hamster (~> 3.0)
      hashie (~> 3.4)
      i18n (~> 0.7.0)
      listen (~> 3.0.0)
      memoist (~> 0.14)
      padrino-helpers (~> 0.13.0)
      parallel
      rack (>= 1.4.5, < 3)
      sass (>= 3.4)
      servolux
      tilt (~> 2.0)
      uglifier (~> 3.0)
    middleman-sprockets (4.1.0)
      middleman-core (~> 4.0)
      sprockets (>= 3.0)
    middleman-syntax (3.0.0)
      middleman-core (>= 3.2)
      rouge (~> 2.0)
    mime-types (3.1)
      mime-types-data (~> 3.2015)
    mime-types-data (3.2016.0521)
    mimemagic (0.3.2)
    mini_portile (0.6.2)
    minitest (5.10.3)
    mixpanel-ruby (2.1.0)
    mixpanel_client (4.1.5)
      typhoeus
    mocha (1.3.0)
      metaclass (~> 0.0.1)
    money (6.9.0)
      i18n (>= 0.6.4, < 0.9)
    multi_json (1.12.1)
    multi_xml (0.6.0)
    multipart-post (2.0.0)
    mysql2 (0.3.17)
    naught (1.1.0)
    nestful (1.1.1)
    net (0.3.3)
      activesupport
    net-scp (1.2.1)
      net-ssh (>= 2.6.5)
    net-ssh (4.1.0)
    newrelic_rpm (4.2.0.334)
    nokogiri (1.6.4.1)
      mini_portile (~> 0.6.0)
    nokogumbo (1.4.1)
      nokogiri
    nori (1.1.5)
    oauth2 (1.4.0)
      faraday (>= 0.8, < 0.13)
      jwt (~> 1.0)
      multi_json (~> 1.3)
      multi_xml (~> 0.5)
      rack (>= 1.2, < 3)
    omniauth (1.6.1)
      hashie (>= 3.4.6, < 3.6.0)
      rack (>= 1.6.2, < 3)
    omniauth-oauth2 (1.4.0)
      oauth2 (~> 1.0)
      omniauth (~> 1.2)
    omniauth-salesforce (1.0.5)
      omniauth (~> 1.0)
      omniauth-oauth2 (~> 1.0)
    open_uri_redirections (0.2.1)
    padrino-helpers (0.13.3.4)
      i18n (~> 0.6, >= 0.6.7)
      padrino-support (= 0.13.3.4)
      tilt (>= 1.4.1, < 3)
    padrino-support (0.13.3.4)
      activesupport (>= 3.1)
    paperclip (5.0.0)
      activemodel (>= 4.2.0)
      activesupport (>= 4.2.0)
      cocaine (~> 0.5.5)
      mime-types
      mimemagic (~> 0.3.0)
    parallel (1.6.0)
    parser (2.4.0.0)
      ast (~> 2.2)
    pg (0.21.0)
    plist (3.3.0)
    powerpack (0.1.1)
    public_suffix (2.0.5)
    rack (1.6.8)
    rack-cors (0.4.1)
    rack-protection (1.5.3)
      rack
    rack-test (0.6.3)
      rack (>= 1.0)
    rails (4.2.8)
      actionmailer (= 4.2.8)
      actionpack (= 4.2.8)
      actionview (= 4.2.8)
      activejob (= 4.2.8)
      activemodel (= 4.2.8)
      activerecord (= 4.2.8)
      activesupport (= 4.2.8)
      bundler (>= 1.3.0, < 2.0)
      railties (= 4.2.8)
      sprockets-rails
    rails-deprecated_sanitizer (1.0.3)
      activesupport (>= 4.2.0.alpha)
    rails-dom-testing (1.0.8)
      activesupport (>= 4.2.0.beta, < 5.0)
      nokogiri (~> 1.6)
      rails-deprecated_sanitizer (>= 1.0.1)
    rails-html-sanitizer (1.0.3)
      loofah (~> 2.0)
    railties (4.2.8)
      actionpack (= 4.2.8)
      activesupport (= 4.2.8)
      rake (>= 0.8.7)
      thor (>= 0.18.1, < 2.0)
    rainbow (2.2.2)
      rake
    raindrops (0.18.0)
    rake (12.0.0)
    rb-fsevent (0.9.8)
    rb-inotify (0.9.8)
      ffi (>= 0.5.0)
    rdoc (4.3.0)
    recaptcha (4.0.1)
      json
    redcarpet (3.4.0)
    redis (3.3.3)
    redis-actionpack (5.0.1)
      actionpack (>= 4.0, < 6)
      redis-rack (>= 1, < 3)
      redis-store (>= 1.1.0, < 1.4.0)
    redis-activesupport (5.0.2)
      activesupport (>= 3, < 6)
      redis-store (~> 1.3.0)
    redis-rack (2.0.2)
      rack (>= 1.5, < 3)
      redis-store (>= 1.2, < 1.4)
    redis-rails (5.0.2)
      redis-actionpack (>= 5.0, < 6)
      redis-activesupport (>= 5.0, < 6)
      redis-store (>= 1.2, < 2)
    redis-store (1.3.0)
      redis (>= 2.2)
    referer-parser (0.3.0)
    request_store (1.4.1)
      rack (>= 1.4)
    restforce (2.5.3)
      faraday (>= 0.9.0, <= 1.0)
      faraday_middleware (>= 0.8.8, <= 1.0)
      hashie (>= 1.2.0, < 4.0)
      json (>= 1.7.5)
    rouge (2.0.7)
    rspec-core (3.8.0)
      rspec-support (~> 3.8.0)
    rspec-expectations (3.8.2)
      diff-lcs (>= 1.2.0, < 2.0)
      rspec-support (~> 3.8.0)
    rspec-mocks (3.8.0)
      diff-lcs (>= 1.2.0, < 2.0)
      rspec-support (~> 3.8.0)
    rspec-rails (3.8.1)
      actionpack (>= 3.0)
      activesupport (>= 3.0)
      railties (>= 3.0)
      rspec-core (~> 3.8.0)
      rspec-expectations (~> 3.8.0)
      rspec-mocks (~> 3.8.0)
      rspec-support (~> 3.8.0)
    rspec-support (3.8.0)
    rubocop (0.48.1)
      parser (>= 2.3.3.1, < 3.0)
      powerpack (~> 0.1)
      rainbow (>= 1.99.1, < 3.0)
      ruby-progressbar (~> 1.7)
      unicode-display_width (~> 1.0, >= 1.0.1)
    ruby-progressbar (1.8.1)
    ruby-protocol-buffers (1.6.1)
    rubyzip (1.1.7)
    safely_block (0.2.1)
      errbase
    sanitize (4.0.0)
      crass (~> 1.0.2)
      nokogiri (>= 1.4.4)
      nokogumbo (= 1.4.1)
    sass (3.4.24)
    sass-rails (5.0.6)
      railties (>= 4.0.0, < 6)
      sass (~> 3.1)
      sprockets (>= 2.8, < 4.0)
      sprockets-rails (>= 2.0, < 4.0)
      tilt (>= 1.1, < 3)
    savon (1.2.0)
      akami (~> 1.2.0)
      builder (>= 2.1.2)
      gyoku (~> 0.4.5)
      httpi (~> 1.1.0)
      nokogiri (>= 1.4.0)
      nori (~> 1.1.0)
      wasabi (~> 2.5.0)
    sdoc (0.4.2)
      json (~> 1.7, >= 1.7.7)
      rdoc (~> 4.0)
    seed_dump (3.2.4)
      activerecord (>= 4)
      activesupport (>= 4)
    servolux (0.13.0)
    sidekiq (4.2.10)
      concurrent-ruby (~> 1.0)
      connection_pool (~> 2.2, >= 2.2.0)
      rack-protection (>= 1.5.0)
      redis (~> 3.2, >= 3.2.1)
    sidekiq-pro (3.4.5)
      sidekiq (>= 4.1.5)
    sidekiq-throttler (0.5.1)
      activesupport
      sidekiq (>= 2.5, < 5.0)
    simple_oauth (0.3.1)
    simplecov (0.15.1)
      docile (~> 1.1.0)
      json (>= 1.8, < 3)
      simplecov-html (~> 0.10.0)
    simplecov-html (0.10.2)
    sinatra (1.4.8)
      rack (~> 1.5)
      rack-protection (~> 1.4)
      tilt (>= 1.3, < 3)
    sitemap_generator (6.0.2)
      builder (~> 3.0)
    sixarm_ruby_unaccent (1.1.2)
    slackiq (1.1.4)
      httparty
    slim (3.0.6)
      temple (~> 0.7.3)
      tilt (>= 1.3.3, < 2.1)
    slim-rails (3.0.1)
      actionmailer (>= 3.1, < 5.0)
      actionpack (>= 3.1, < 5.0)
      activesupport (>= 3.1, < 5.0)
      railties (>= 3.1, < 5.0)
      slim (~> 3.0)
    socksify (1.6.0)
    spidr (0.4.1)
      nokogiri (~> 1.3)
    spring (1.3.6)
    sprockets (3.7.1)
      concurrent-ruby (~> 1.0)
      rack (> 1, < 3)
    sprockets-rails (3.2.0)
      actionpack (>= 4.0)
      activesupport (>= 4.0)
      sprockets (>= 3.0.0)
    sshkit (1.13.1)
      net-scp (>= 1.1.2)
      net-ssh (>= 2.8.0)
    temple (0.7.7)
    text (1.3.1)
    thor (0.19.4)
    thread_safe (0.3.6)
    tilt (2.0.7)
    turbolinks (5.0.1)
      turbolinks-source (~> 5)
    turbolinks-source (5.0.3)
    twitter (5.16.0)
      addressable (~> 2.3)
      buftok (~> 0.2.0)
      equalizer (= 0.0.10)
      faraday (~> 0.9.0)
      http (~> 1.0)
      http_parser.rb (~> 0.6.0)
      json (~> 1.8)
      memoizable (~> 0.4.0)
      naught (~> 1.0)
      simple_oauth (~> 0.3.0)
    typhoeus (1.1.2)
      ethon (>= 0.9.0)
    tzinfo (1.2.3)
      thread_safe (~> 0.1)
    uglifier (3.2.0)
      execjs (>= 0.3.0, < 3)
    unf (0.1.4)
      unf_ext
    unf_ext (0.0.7.4)
    unicode-display_width (1.2.1)
    unicode_utils (1.4.0)
    unicorn (4.9.0)
      kgio (~> 2.6)
      rack
      raindrops (~> 0.7)
    user_agent_parser (2.4.1)
    wasabi (2.5.1)
      httpi (~> 1.0)
      nokogiri (>= 1.4.0)
    whenever (0.9.4)
      chronic (>= 0.6.3)
    www-favicon (0.0.6)
      hpricot
    xml-simple (1.1.5)

PLATFORMS
  ruby

DEPENDENCIES
  PageRankr (= 4.2.1)
  actionpack-action_caching!
  activerecord-import (= 0.13.0)
  activerecord4-redshift-adapter (~> 0.2.4)!
  addressable (~> 2.4)
  ahoy_matey
  andand
  annotate
  autoprefixer-rails (= 9.4.8)
  awesome_print (= 1.6.1)
  bcrypt (= 3.1.10)
  browser (= 2.5.2)
  bugsnag (~> 5.3.2)
  buttercms-rails
  byebug
  capistrano (= 3.4.0)
  capistrano-rails (= 1.1.2)
  capistrano-rvm (= 0.1.2)
  capistrano-sidekiq-mighty-servers!
  chewy (= 0.8.4)
  clearbit
  coffee-rails (~> 4.0.0)
  colorize (= 0.7.7)
  countries
  database_cleaner
  diff_dirs (= 0.1.2)
  domainatrix!
  dotenv-rails (~> 2.1.1)
  elasticsearch-model (= 0.1.7)
  elasticsearch-rails (= 0.1.7)
  factory_girl_rails
  faker (= 1.9.3)
  filesize (= 0.0.4)
  fuzzy_match (= 2.1.0)
  googl (= 0.7.1)
  healthy_pools (= 2.2.5)
  httparty (= 0.13.7)
  httpclient
  iso_country_codes (= 0.7.1)
  jbuilder (~> 2.0)
  jquery-rails
  jquery-turbolinks
  jquery-ui-rails
  jwt (= 1.0.0)
  kaminari (= 0.16.3)
  lograge (~> 0.4.1)
  metaforce (~> 1.0.8)!
  middleman (~> 4.2.1)
  middleman-autoprefixer (~> 2.10.0)
  middleman-sprockets (~> 4.1.0)
  middleman-syntax (~> 3.0.0)
  mighty_aws!
  minitest (~> 5.1)
  mixpanel-ruby (= 2.1.0)
  mixpanel_client (= 4.1.5)
  mocha (~> 1.3.0)
  mysql2 (= 0.3.17)
  net
  net-ssh (~> 4.0)
  newrelic_rpm
  nokogiri (= 1.6.4.1)
  omniauth-salesforce
  open_uri_redirections
  paperclip (~> 5.0.0.beta2)
  parallel (= 1.6.0)
  pg (~> 0.21)
  plist (~> 3.2)
  rack-cors
  rails (= 4.2.8)
  recaptcha (= 4.0.1)
  redcarpet (~> 3.4.0)
  redis
  redis-rails
  restforce (= 2.5.3)
  rouge (~> 2.0.5)
  rspec-rails (~> 3.8)
  rubocop
  ruby-protocol-buffers (~> 1.6.1)
  ruby_apk!
  rubyzip (= 1.1.7)
  salesforce_bulk_api!
  sanitize (= 4.0.0)
  sass-rails
  sdoc (~> 0.4.0)
  seed_dump
  sidekiq-pro (~> 3.4.1)!
  sidekiq-throttler (= 0.5.1)
  simplecov (~> 0.15.1)
  sinatra (~> 1.0)
  sitemap_generator
  slackiq (= 1.1.4)
  slim (= 3.0.6)
  slim-rails (= 3.0.1)
  socksify (= 1.6.0)
  spidr (= 0.4.1)
  spring (= 1.3.6)
  text (= 1.3.1)
  turbolinks
  twitter (= 5.16.0)
  uglifier (>= 1.3.0)
  unicorn (= 4.9.0)
  whenever (= 0.9.4)
  www-favicon (= 0.0.6)

BUNDLED WITH
   1.17.1
